GEM
  remote: http://rubygems.org/
  specs:
    mail (2.6.3)
      mime-types (>= 1.16, < 3)
    mime-types (2.6.2)
    pony (1.11)
      mail (>= 2.0)
    rack (1.5.2)
    rack-protection (1.5.0)
      rack
    sinatra (1.4.3)
      rack (~> 1.4)
      rack-protection (~> 1.4)
      tilt (~> 1.3, >= 1.3.4)
    tilt (1.4.1)

PLATFORMS
  ruby

DEPENDENCIES
  pony
  sinatra

BUNDLED WITH
   1.10.6
